PATH
  remote: .
  specs:
    razrbit (0.0.1)
      json
      websocket-client-simple (~> 0.2)

GEM
  remote: https://rubygems.org/
  specs:
    byebug (3.2.0)
      columnize (~> 0.8)
      debugger-linecache (~> 1.2)
    columnize (0.8.9)
    debugger-linecache (1.2.0)
    diff-lcs (1.2.5)
    event_emitter (0.2.5)
    json (1.8.1)
    rake (10.3.2)
    rspec (3.0.0)
      rspec-core (~> 3.0.0)
      rspec-expectations (~> 3.0.0)
      rspec-mocks (~> 3.0.0)
    rspec-core (3.0.3)
      rspec-support (~> 3.0.0)
    rspec-expectations (3.0.3)
      diff-lcs (>= 1.2.0, < 2.0)
      rspec-support (~> 3.0.0)
    rspec-mocks (3.0.3)
      rspec-support (~> 3.0.0)
    rspec-support (3.0.3)
    websocket (1.2.0)
    websocket-client-simple (0.2.0)
      event_emitter
      websocket

PLATFORMS
  ruby

DEPENDENCIES
  razrbit!
  byebug
  rake
  rspec
